GEM
  remote: http://rubygems.org/
  specs:
    haml (3.0.25)
    json (1.5.1)
    rack (1.2.2)
    rack-client (0.3.0)
      rack (>= 1.0.0)
    ruby-openid (2.1.8)
    sinatra (1.1.0)
      rack (~> 1.1)
      tilt (~> 1.1)
    tilt (1.2.2)

PLATFORMS
  ruby

DEPENDENCIES
  haml
  json
  rack (= 1.2.2)
  rack-client
  ruby-openid (~> 2.1.7)
  sinatra (= 1.1.0)
